GEM
  remote: http://ruby.taobao.org/
  specs:
    activemodel (3.1.3)
      activesupport (= 3.1.3)
      builder (~> 3.0.0)
      i18n (~> 0.6)
    activesupport (3.1.3)
      multi_json (~> 1.0)
    builder (3.0.0)
    diff-lcs (1.1.3)
    i18n (0.6.0)
    metaclass (0.0.1)
    mocha (0.10.0)
      metaclass (~> 0.0.1)
<<<<<<< HEAD
    mongoid (3.0.0.rc)
      activemodel (~> 3.1)
      moped (~> 1.0.0.rc)
      origin (~> 1.0.0.rc)
      tzinfo (~> 0.3.22)
    moped (1.0.0.rc)
    multi_json (1.0.3)
    origin (1.0.0.rc)
=======
    mongo (1.3.1)
      bson (>= 1.3.1)
    mongoid (2.4.3)
      activemodel (~> 3.1)
      mongo (~> 1.3)
      tzinfo (~> 0.3.22)
    multi_json (1.0.4)
<<<<<<< Updated upstream
=======
>>>>>>> bfa63b02af8e1c5f1ae8311bd4d639e0fd7fc9ce
>>>>>>> Stashed changes
    rake (0.9.2.2)
    rspec (2.6.0)
      rspec-core (~> 2.6.0)
      rspec-expectations (~> 2.6.0)
      rspec-mocks (~> 2.6.0)
    rspec-core (2.6.4)
    rspec-expectations (2.6.0)
      diff-lcs (~> 1.1.2)
    rspec-mocks (2.6.0)
<<<<<<< Updated upstream
    tzinfo (0.3.31)
=======
<<<<<<< HEAD
    tzinfo (0.3.33)
=======
    tzinfo (0.3.31)
>>>>>>> bfa63b02af8e1c5f1ae8311bd4d639e0fd7fc9ce
>>>>>>> Stashed changes

PLATFORMS
  ruby

DEPENDENCIES
  activesupport
  mocha (= 0.10.0)
<<<<<<< Updated upstream
  mongoid (= 2.4.3)
=======
<<<<<<< HEAD
  mongoid (= 3.0.0.rc)
=======
  mongoid (= 2.4.3)
>>>>>>> bfa63b02af8e1c5f1ae8311bd4d639e0fd7fc9ce
>>>>>>> Stashed changes
  rake
  rspec (~> 2.6.0)
