GIT
  remote: git://github.com/mongoid/mongoid.git
  revision: da35e0cd0fc17651c263e0f74d90b0adf5fbb409
  specs:
    mongoid (4.0.0.beta1)
      activemodel (>= 4.0.0)
      moped (~> 2.0.beta6)
      origin (~> 2.1)
      tzinfo (>= 0.3.37)

GEM
  remote: http://ruby.taobao.org/
  specs:
    activemodel (4.1.0)
      activesupport (= 4.1.0)
      builder (~> 3.1)
    activesupport (4.1.0)
      i18n (~> 0.6, >= 0.6.9)
      json (~> 1.7, >= 1.7.7)
      minitest (~> 5.1)
      thread_safe (~> 0.1)
      tzinfo (~> 1.1)
    bson (2.2.2)
    builder (3.2.2)
    connection_pool (2.0.0)
    diff-lcs (1.2.5)
    i18n (0.6.9)
    json (1.8.1)
    metaclass (0.0.4)
    minitest (5.3.2)
    mocha (0.10.0)
      metaclass (~> 0.0.1)
    moped (2.0.0.rc1)
      bson (~> 2.2)
      connection_pool (~> 2.0)
      optionable (~> 0.2.0)
    optionable (0.2.0)
    origin (2.1.1)
    rake (10.2.2)
    rspec (2.14.1)
      rspec-core (~> 2.14.0)
      rspec-expectations (~> 2.14.0)
      rspec-mocks (~> 2.14.0)
    rspec-core (2.14.8)
    rspec-expectations (2.14.5)
      diff-lcs (>= 1.1.3, < 2.0)
    rspec-mocks (2.14.6)
    thread_safe (0.3.3)
    tzinfo (1.1.0)
      thread_safe (~> 0.1)

PLATFORMS
  ruby

DEPENDENCIES
  activesupport (= 4.1.0)
  mocha (= 0.10.0)
  mongoid!
  rake
  rspec (~> 2.14.0)
